PATH
  remote: .
  specs:
    hbacker (0.0.1)
      hbase-stargate
      right_aws (>= 2.0.0)
      stalker
      thor
      uuidtools

GEM
  remote: http://rubygems.org/
  specs:
    aruba (0.2.7)
      background_process
      cucumber (~> 0.10.0)
    background_process (1.2)
    beanstalk-client (1.1.0)
    builder (3.0.0)
    cucumber (0.10.0)
      builder (>= 2.1.2)
      diff-lcs (~> 1.1.2)
      gherkin (~> 2.3.2)
      json (~> 1.4.6)
      term-ansicolor (~> 1.0.5)
    diff-lcs (1.1.2)
    gherkin (2.3.3)
      json (~> 1.4.6)
    hbase-stargate (1.5.5)
      json
    json (1.4.6)
    json_pure (1.5.1)
    right_aws (2.0.0)
      right_http_connection (>= 1.2.1)
    right_http_connection (1.2.4)
    rspec (2.5.0)
      rspec-core (~> 2.5.0)
      rspec-expectations (~> 2.5.0)
      rspec-mocks (~> 2.5.0)
    rspec-core (2.5.1)
    rspec-expectations (2.5.0)
      diff-lcs (~> 1.1.2)
    rspec-mocks (2.5.0)
    stalker (0.8.0)
      beanstalk-client
      json_pure
    term-ansicolor (1.0.5)
    thor (0.14.6)
    uuidtools (2.1.2)

PLATFORMS
  ruby

DEPENDENCIES
  aruba
  cucumber
  hbacker!
  rspec (~> 2.5.0)
