PATH
  remote: .
  specs:
    hbacker (0.0.3)
      hbase-stargate
      right_aws (>= 2.0.0)
      stalker (= 0.8.0)
      thor
      uuidtools

GEM
  remote: http://rubygems.org/
  specs:
    aruba (0.3.5)
      childprocess (>= 0.1.7)
      cucumber (>= 0.10.0)
      rspec (>= 2.5.0)
    beanstalk-client (1.1.0)
    builder (3.0.0)
    childprocess (0.1.8)
      ffi (~> 1.0.6)
    cucumber (0.10.2)
      builder (>= 2.1.2)
      diff-lcs (>= 1.1.2)
      gherkin (>= 2.3.5)
      json (>= 1.4.6)
      term-ansicolor (>= 1.0.5)
    diff-lcs (1.1.2)
    ffi (1.0.7)
      rake (>= 0.8.7)
    gherkin (2.3.5)
      json (>= 1.4.6)
    hbase-stargate (1.5.5)
      json
    json (1.5.1)
    json_pure (1.5.1)
    rake (0.8.7)
    right_aws (2.1.0)
      right_http_connection (>= 1.2.5)
    right_http_connection (1.3.0)
    rspec (2.5.0)
      rspec-core (~> 2.5.0)
      rspec-expectations (~> 2.5.0)
      rspec-mocks (~> 2.5.0)
    rspec-core (2.5.1)
    rspec-expectations (2.5.0)
      diff-lcs (~> 1.1.2)
    rspec-mocks (2.5.0)
    stalker (0.8.0)
      beanstalk-client
      json_pure
    term-ansicolor (1.0.5)
    thor (0.14.6)
    uuidtools (2.1.2)

PLATFORMS
  ruby

DEPENDENCIES
  aruba
  cucumber
  hbacker!
  rspec (>= 2.5.0)
